GEM
  remote: https://rubygems.org/
  specs:
    byebug (8.2.2)
    coderay (1.1.0)
    curb (0.8.8)
    dotenv (2.1.0)
    method_source (0.8.2)
    pry (0.10.3)
      coderay (~> 1.1.0)
      method_source (~> 0.8.1)
      slop (~> 3.4)
    pry-byebug (3.3.0)
      byebug (~> 8.0)
      pry (~> 0.10)
    rubyflare (0.1.0)
      curb (~> 0.8.8)
    slop (3.6.0)

PLATFORMS
  ruby

DEPENDENCIES
  dotenv
  pry-byebug
  rubyflare

BUNDLED WITH
   1.11.2
